PATH
  remote: .
  specs:
    sruby (0.1.0)
      sqlite3

GEM
  remote: https://rubygems.org/
  specs:
    rake (13.0.6)
    sqlite3 (1.4.2)

PLATFORMS
  x86_64-linux

DEPENDENCIES
  rake (~> 13.0)
  sruby!

BUNDLED WITH
   2.3.4
